{
    "TaskName": "grasping",
    "Manufacturer": "SNIRF",
    "PowerLineFrequency": 50.0,
    "SamplingFrequency": 5.555555555555555,
    "SoftwareFilters": "n/a",
    "RecordingDuration": 1149.8400000000001,
    "RecordingType": "continuous",
    "EEGChannelCount": 0,
    "EOGChannelCount": 0,
    "ECGChannelCount": 0,
    "EMGChannelCount": 0,
    "MiscChannelCount": 0,
    "TriggerChannelCount": 0,
    "NIRSChannelCount": 52,
    "NIRSSourceOptodeCount": 10,
    "NIRSDetectorOptodeCount": 10
}
